Brain Vision Data Exchange Header File Version 1.0
; Written using pybv 0.7.5

[Common Infos]
Codepage=UTF-8
DataFile=raw_data.eeg
MarkerFile=raw_data.vmrk
DataFormat=BINARY
; Data orientation: MULTIPLEXED=ch1,pt1, ch2,pt1 ...
DataOrientation=MULTIPLEXED
NumberOfChannels=16
; Sampling interval in microseconds
SamplingInterval=4000.0

[Binary Infos]
BinaryFormat=IEEE_FLOAT_32

[Channel Infos]
; Each entry: Ch<Channel number>=<Name>,<Reference channel name>,
; <Resolution in "Unit">,<Unit>, Future extensions..
; Fields are delimited by commas, some fields might be omitted (empty).
; Commas in channel names are coded as "\1".
Ch1=Fz,,0.1,µV
Ch2=C3,,0.1,µV
Ch3=Cz,,0.1,µV
Ch4=C4,,0.1,µV
Ch5=Pz,,0.1,µV
Ch6=PO7,,0.1,µV
Ch7=Oz,,0.1,µV
Ch8=PO8,,0.1,µV
Ch9=F5,,0.1,µV
Ch10=F7,,0.1,µV
Ch11=F3,,0.1,µV
Ch12=F1,,0.1,µV
Ch13=F2,,0.1,µV
Ch14=F4,,0.1,µV
Ch15=F6,,0.1,µV
Ch16=F8,,0.1,µV

[Comment]

